GEM
  remote: https://rubygems.org/
  specs:
    addressable (2.8.7)
      public_suffix (>= 2.0.2, < 7.0)
    bigdecimal (3.2.2)
    css_parser (1.21.1)
      addressable
    front_matter_parser (1.0.1)
    matrix (0.4.3)
    pdf-core (0.10.0)
    prawn (2.5.0)
      matrix (~> 0.4)
      pdf-core (~> 0.10.0)
      ttfunk (~> 1.8)
    prawn-svg (0.38.0)
      css_parser (~> 1.6)
      matrix (~> 0.4.2)
      prawn (>= 0.11.1, < 3)
      rexml (>= 3.3.9, < 4)
    public_suffix (6.0.2)
    rexml (3.4.2)
    ttfunk (1.8.0)
      bigdecimal (~> 3.1)

PLATFORMS
  ruby

DEPENDENCIES
  front_matter_parser
  prawn
  prawn-svg

RUBY VERSION
   ruby 3.4.5p51

BUNDLED WITH
   2.6.9
