GEM
  remote: https://rubygems.org/
  specs:
    addressable (2.8.0)
      public_suffix (>= 2.0.2, < 5.0)
    css_parser (1.10.0)
      addressable
    front_matter_parser (1.0.1)
    pdf-core (0.9.0)
    prawn (2.4.0)
      pdf-core (~> 0.9.0)
      ttfunk (~> 1.7)
    prawn-svg (0.32.0)
      css_parser (~> 1.6)
      prawn (>= 0.11.1, < 3)
      rexml (~> 3.2)
    public_suffix (4.0.6)
    rexml (3.2.5)
    ttfunk (1.7.0)

PLATFORMS
  ruby

DEPENDENCIES
  front_matter_parser
  prawn
  prawn-svg

RUBY VERSION
   ruby 2.7.4p191

BUNDLED WITH
   2.1.4
